PATH
  remote: .
  specs:
    photein (0.1.5)
      logger (~> 1.6)
      mediainfo (~> 1.5)
      mini_exiftool (~> 2.10)
      mini_magick (~> 4.11)
      nokogiri (~> 1.11)
      optipng (~> 0.2)
      ostruct (~> 0.6)
      pstore (~> 0.1)
      rexml (~> 3.4)
      streamio-ffmpeg (~> 3.0)

GEM
  remote: https://rubygems.org/
  specs:
    coderay (1.1.3)
    command-builder (0.3.2)
      pipe-run (>= 0.2.1)
    diff-lcs (1.5.1)
    hash-utils (2.2.0)
      ruby-version (>= 0.4.0)
    logger (1.6.3)
    mediainfo (1.5.0)
    method_source (1.1.0)
    mini_exiftool (2.12.1)
      ostruct (>= 0.6.0)
      pstore (>= 0.1.3)
    mini_magick (4.13.2)
    mini_portile2 (2.8.8)
    multi_json (1.15.0)
    nokogiri (1.17.2)
      mini_portile2 (~> 2.8.2)
      racc (~> 1.4)
    optipng (0.2.1)
      command-builder (>= 0.2.0)
      unix-whereis (>= 0.1.0)
    ostruct (0.6.1)
    pipe-run (0.3.0)
    pry (0.15.0)
      coderay (~> 1.1)
      method_source (~> 1.0)
    pry-remote (0.1.8)
      pry (~> 0.9)
      slop (~> 3.0)
    pstore (0.1.4)
    racc (1.8.1)
    rexml (3.4.0)
    rspec (3.13.0)
      rspec-core (~> 3.13.0)
      rspec-expectations (~> 3.13.0)
      rspec-mocks (~> 3.13.0)
    rspec-core (3.13.2)
      rspec-support (~> 3.13.0)
    rspec-expectations (3.13.3)
      diff-lcs (>= 1.2.0, < 2.0)
      rspec-support (~> 3.13.0)
    rspec-mocks (3.13.2)
      diff-lcs (>= 1.2.0, < 2.0)
      rspec-support (~> 3.13.0)
    rspec-support (3.13.2)
    ruby-version (0.4.3)
    slop (3.6.0)
    streamio-ffmpeg (3.0.2)
      multi_json (~> 1.8)
    unix-whereis (0.1.1)
      command-builder (>= 0.2.0)
      hash-utils (>= 0.18.0)

PLATFORMS
  ruby

DEPENDENCIES
  photein!
  pry-remote (~> 0.1)
  rspec (~> 3.10)

BUNDLED WITH
   2.5.23
