PATH
  remote: .
  specs:
    archivist (0.0.1)
      mini_exiftool (~> 2.10)
      mini_magick (~> 4.11)
      optipng (~> 0.2)
      streamio-ffmpeg (~> 3.0)

GEM
  remote: https://rubygems.org/
  specs:
    coderay (1.1.3)
    command-builder (0.3.2)
      pipe-run (>= 0.2.1)
    hash-utils (2.2.0)
      ruby-version (>= 0.4.0)
    method_source (1.0.0)
    mini_exiftool (2.10.0)
    mini_magick (4.11.0)
    multi_json (1.15.0)
    optipng (0.2.1)
      command-builder (>= 0.2.0)
      unix-whereis (>= 0.1.0)
    pipe-run (0.3.0)
    pry (0.14.1)
      coderay (~> 1.1)
      method_source (~> 1.0)
    ruby-version (0.4.3)
    streamio-ffmpeg (3.0.2)
      multi_json (~> 1.8)
    unix-whereis (0.1.1)
      command-builder (>= 0.2.0)
      hash-utils (>= 0.18.0)

PLATFORMS
  ruby

DEPENDENCIES
  archivist!
  pry (~> 0.14)

BUNDLED WITH
   2.1.4
