GEM
  remote: https://rubygems.org/
  specs:
    exif (2.2.0)
    mediainfo (1.4.0)
    multi_json (1.15.0)
    streamio-ffmpeg (3.0.2)
      multi_json (~> 1.8)

PLATFORMS
  ruby

DEPENDENCIES
  exif
  mediainfo
  streamio-ffmpeg

BUNDLED WITH
   2.1.4
