PATH
  remote: .
  specs:
    photein (0.0.4)
      mediainfo (~> 1.5)
      mini_exiftool (~> 2.10)
      mini_magick (~> 4.11)
      nokogiri (~> 1.11)
      optipng (~> 0.2)
      streamio-ffmpeg (~> 3.0)

GEM
  remote: https://rubygems.org/
  specs:
    coderay (1.1.3)
    command-builder (0.3.2)
      pipe-run (>= 0.2.1)
    diff-lcs (1.4.4)
    hash-utils (2.2.0)
      ruby-version (>= 0.4.0)
    mediainfo (1.5.0)
    method_source (1.0.0)
    mini_exiftool (2.10.1)
    mini_magick (4.11.0)
    mini_portile2 (2.5.1)
    multi_json (1.15.0)
    nokogiri (1.11.6)
      mini_portile2 (~> 2.5.0)
      racc (~> 1.4)
    optipng (0.2.1)
      command-builder (>= 0.2.0)
      unix-whereis (>= 0.1.0)
    pipe-run (0.3.0)
    pry (0.14.1)
      coderay (~> 1.1)
      method_source (~> 1.0)
    racc (1.5.2)
    rspec (3.10.0)
      rspec-core (~> 3.10.0)
      rspec-expectations (~> 3.10.0)
      rspec-mocks (~> 3.10.0)
    rspec-core (3.10.1)
      rspec-support (~> 3.10.0)
    rspec-expectations (3.10.1)
      diff-lcs (>= 1.2.0, < 2.0)
      rspec-support (~> 3.10.0)
    rspec-mocks (3.10.2)
      diff-lcs (>= 1.2.0, < 2.0)
      rspec-support (~> 3.10.0)
    rspec-support (3.10.2)
    ruby-version (0.4.3)
    streamio-ffmpeg (3.0.2)
      multi_json (~> 1.8)
    unix-whereis (0.1.1)
      command-builder (>= 0.2.0)
      hash-utils (>= 0.18.0)

PLATFORMS
  ruby

DEPENDENCIES
  photein!
  pry (~> 0.14)
  rspec (~> 3.10)

BUNDLED WITH
   2.2.16
