GEM
  remote: https://rubygems.org/
  specs:
    mini_exiftool (2.10.0)
    multi_json (1.15.0)
    streamio-ffmpeg (3.0.2)
      multi_json (~> 1.8)

PLATFORMS
  ruby

DEPENDENCIES
  mini_exiftool
  streamio-ffmpeg

BUNDLED WITH
   2.1.4
